NUGET
  remote: https://nuget.org/api/v2
  specs:
    Antlr4.StringTemplate (4.0.6.9004)
    DotLiquid (1.8.0)
    FAKE (4.0.3)
    FsCheck (2.0.3) - framework: >= net45
      FSharp.Core (>= 3.1.2.1)
    FSharp.Charting (0.90.12)
    FSharp.Compiler.Service (0.0.90)
    FSharp.Core (3.1.2.1) - framework: >= net45
    FSharp.Formatting (2.10.3)
      FSharp.Compiler.Service (>= 0.0.90 <= 1.3)
      FSharpVSPowerTools.Core (1.9.0)
    FSharpVSPowerTools.Core (1.9.0)
      FSharp.Compiler.Service (>= 0.0.90)
    LibLog (4.2.3)
    log4net (2.0.3)
    Microsoft.Bcl (1.1.10)
      Microsoft.Bcl.Build (>= 1.0.14)
    Microsoft.Bcl.Build (1.0.21)
    Microsoft.Net.Http (2.2.29)
      Microsoft.Bcl (>= 1.1.10)
      Microsoft.Bcl.Build (>= 1.0.14)
    MSBuild.Extension.Pack (1.3.0) - framework: >= net45
    NamedFormat (1.0.0)
    NUnit (2.6.4)
    NUnit.Runners (2.6.4)
    Octokit (0.16.0)
      Microsoft.Net.Http
    PerfUtil (0.1.8)
    Serilog (1.5.9) - framework: >= net45
    SourceLink.Fake (1.1.0)
    Unquote (3.0.0) - framework: >= net45
    xunit (2.0.0) - framework: >= net45
      xunit.assert (2.0.0)
      xunit.core (2.0.0)
    xunit.abstractions (2.0.0) - framework: >= net45
    xunit.assert (2.0.0) - framework: >= net45
    xunit.core (2.0.0) - framework: >= net45
      xunit.extensibility.core (2.0.0)
    xunit.extensibility.core (2.0.0) - framework: >= net45
      xunit.abstractions (2.0.0)
    xunit.runner.console (2.0.0) - framework: >= net45
    xunit.runner.visualstudio (2.0.1) - version_in_path: true
GITHUB
  remote: fsharp/FAKE
  specs:
    modules/Octokit/Octokit.fsx (448a0e59aa1381714d045bf81c3ab5692aad6259)
      Octokit